GEM
  remote: https://rubygems.org/
  specs:
    date (3.3.4)
    date (3.3.4-java)
    ffi (1.17.0-java)
    ffi (1.17.0-x86_64-linux-gnu)
    image_processing (1.12.2)
      mini_magick (>= 4.9.5, < 5)
      ruby-vips (>= 2.0.17, < 3)
    libis-mapi (0.3.1)
      ruby-ole (~> 1.2, >= 1.2.8)
      vpim (~> 13.0)
    listen (3.9.0)
      rb-fsevent (~> 0.10, >= 0.10.3)
      rb-inotify (~> 0.9, >= 0.9.10)
    mail (2.8.1)
      mini_mime (>= 0.1.1)
      net-imap
      net-pop
      net-smtp
    mini_magick (4.12.0)
    mini_mime (1.1.5)
    net-imap (0.4.12)
      date
      net-protocol
    net-pop (0.1.2)
      net-protocol
    net-protocol (0.2.2)
      timeout
    net-smtp (0.5.0)
      net-protocol
    new_rfc_2047 (1.0.0)
    nio4r (2.7.3)
    nio4r (2.7.3-java)
    pdfkit (0.8.7.3)
    puma (6.4.2)
      nio4r (~> 2.0)
    puma (6.4.2-java)
      nio4r (~> 2.0)
    rack (3.0.11)
    rb-fsevent (0.11.2)
    rb-inotify (0.11.1)
      ffi (~> 1.0)
    rerun (0.14.0)
      listen (~> 3.0)
    roda (3.80.0)
      rack
    ruby-ole (1.2.13.1)
    ruby-vips (2.2.1)
      ffi (~> 1.12)
    timeout (0.4.1)
    vpim (13.11.11)

PLATFORMS
  universal-java-17
  x86_64-linux

DEPENDENCIES
  image_processing (~> 1.12)
  libis-mapi (~> 0.3)
  mail (~> 2.8, >= 2.8.1)
  new_rfc_2047 (~> 1.0)
  pdfkit (~> 0.8)
  puma (~> 6.3)
  rerun (~> 0.14)
  roda (~> 3.72)

BUNDLED WITH
   2.5.3
