GEM
  remote: https://rubygems.org/
  specs:
    date (3.3.3)
    date (3.3.3-java)
    ffi (1.15.5)
    ffi (1.15.5-java)
    libis-mapi (0.3.1)
      ruby-ole (~> 1.2, >= 1.2.8)
      vpim (~> 13.0)
    listen (3.8.0)
      rb-fsevent (~> 0.10, >= 0.10.3)
      rb-inotify (~> 0.9, >= 0.9.10)
    mail (2.8.1)
      mini_mime (>= 0.1.1)
      net-imap
      net-pop
      net-smtp
    mini_mime (1.1.5)
    net-imap (0.3.7)
      date
      net-protocol
    net-pop (0.1.2)
      net-protocol
    net-protocol (0.2.1)
      timeout
    net-smtp (0.4.0)
      net-protocol
    new_rfc_2047 (1.0.0)
    nio4r (2.5.9)
    nio4r (2.5.9-java)
    pdfkit (0.8.7.3)
    puma (6.4.0)
      nio4r (~> 2.0)
    puma (6.4.0-java)
      nio4r (~> 2.0)
    rack (3.0.8)
    rb-fsevent (0.11.2)
    rb-inotify (0.10.1)
      ffi (~> 1.0)
    rerun (0.14.0)
      listen (~> 3.0)
    roda (3.72.0)
      rack
    roda-symbolized_params (0.0.2)
    ruby-ole (1.2.12.2)
    timeout (0.4.0)
    vpim (13.11.11)

PLATFORMS
  universal-java-17
  x86_64-linux

DEPENDENCIES
  libis-mapi (~> 0.3)
  mail (~> 2.8, >= 2.8.1)
  new_rfc_2047 (~> 1.0)
  pdfkit (~> 0.8)
  puma (~> 6.3)
  rerun (~> 0.14)
  roda (~> 3.72)
  roda-symbolized_params (~> 0.0.2)

BUNDLED WITH
   2.4.15
